GEM
  remote: https://rubygems.org/
  specs:
    addressable (2.3.6)
    bootstrap-sass (3.1.1.1)
      sass (~> 3.2)
    buftok (0.2.0)
    ceaser-easing (0.7)
      compass (>= 0.12.2)
      rake
    cheat (1.3.3)
      pager (~> 1.0)
    chunky_png (1.3.1)
    colored (1.2)
    compass (0.12.6)
      chunky_png (~> 1.2)
      fssm (>= 0.2.7)
      sass (~> 3.2.19)
    compass-normalize (1.5)
      compass (>= 0.12.0)
    diff-lcs (1.2.5)
    equalizer (0.0.9)
    faraday (0.9.0)
      multipart-post (>= 1.2, < 3)
    fssm (0.2.10)
    geokit (1.9.0)
      multi_json (>= 1.3.2)
    git-up (0.5.12)
      colored (>= 1.2)
      grit
    grit (2.5.0)
      diff-lcs (~> 1.1)
      mime-types (~> 1.15)
      posix-spawn (~> 0.3.6)
    htmlentities (4.3.2)
    http (0.6.2)
      http_parser.rb (~> 0.6.0)
    http_parser.rb (0.6.0)
    json (1.8.1)
    launchy (2.4.2)
      addressable (~> 2.3)
    memoizable (0.4.2)
      thread_safe (~> 0.3, >= 0.3.1)
    mime-types (1.25.1)
    multi_json (1.10.1)
    multipart-post (2.0.0)
    naught (1.0.0)
    oauth (0.4.7)
    pager (1.0.1)
    posix-spawn (0.3.9)
    rake (10.3.2)
    retryable (1.3.6)
    sass (3.2.19)
    simple_oauth (0.2.0)
    sqlite3 (1.3.9)
    t (2.7.0)
      geokit (>= 1.8.3, < 2)
      htmlentities (~> 4.3)
      launchy (~> 2.4)
      oauth (~> 0.4.7)
      retryable (~> 1.3)
      thor (>= 0.19.1, < 2)
      twitter (~> 5.11)
    thor (0.19.1)
    thread_safe (0.3.4)
    twitter (5.11.0)
      addressable (~> 2.3)
      buftok (~> 0.2.0)
      equalizer (~> 0.0.9)
      faraday (~> 0.9.0)
      http (~> 0.6.0)
      http_parser.rb (~> 0.6.0)
      json (~> 1.8)
      memoizable (~> 0.4.0)
      naught (~> 1.0)
      simple_oauth (~> 0.2.0)

PLATFORMS
  ruby

DEPENDENCIES
  bootstrap-sass
  ceaser-easing
  cheat
  compass
  compass-normalize
  git-up
  sass
  sqlite3
  t
